GEM
  remote: https://rubygems.org/
  specs:
    ast (2.4.2)
    debug (1.7.1)
      irb (>= 1.5.0)
      reline (>= 0.3.1)
    icalendar (2.8.0)
      ice_cube (~> 0.16)
    ice_cube (0.16.4)
    io-console (0.6.0)
    irb (1.6.2)
      reline (>= 0.3.0)
    json (2.6.3)
    language_server-protocol (3.17.0.2)
    nokogiri (1.14.0-x86_64-darwin)
      racc (~> 1.4)
    parallel (1.22.1)
    parser (3.2.0.0)
      ast (~> 2.4.1)
    prettier_print (1.2.0)
    racc (1.6.2)
    rainbow (3.1.1)
    regexp_parser (2.6.2)
    reline (0.3.2)
      io-console (~> 0.5)
    rexml (3.2.5)
    rubocop (1.44.1)
      json (~> 2.3)
      parallel (~> 1.10)
      parser (>= 3.2.0.0)
      rainbow (>= 2.2.2, < 4.0)
      regexp_parser (>= 1.8, < 3.0)
      rexml (>= 3.2.5, < 4.0)
      rubocop-ast (>= 1.24.1, < 2.0)
      ruby-progressbar (~> 1.7)
      unicode-display_width (>= 2.4.0, < 3.0)
    rubocop-ast (1.24.1)
      parser (>= 3.1.1.0)
    ruby-lsp (0.1.0)
      language_server-protocol
      rubocop (>= 1.0)
      sorbet-runtime
      syntax_tree (>= 2.4)
    ruby-progressbar (1.11.0)
    sorbet-runtime (0.5.10634)
    standard (0.0.36)
      rubocop (>= 0.63)
    syntax_tree (5.3.0)
      prettier_print (>= 1.2.0)
    unicode-display_width (2.4.2)

PLATFORMS
  x86_64-darwin-22

DEPENDENCIES
  debug (>= 1.0.0)
  icalendar (~> 2.8)
  nokogiri (~> 1.13)
  ruby-lsp (~> 0.1.0)
  standard

BUNDLED WITH
   2.4.5
